PATH
  remote: src/activemodel
  specs:
    activemodel (8.1.0.alpha)
      activesupport (= 8.1.0.alpha)

PATH
  remote: src/activerecord
  specs:
    activerecord (8.1.0.alpha)
      activemodel (= 8.1.0.alpha)
      activesupport (= 8.1.0.alpha)
      timeout (>= 0.4.0)

PATH
  remote: src/activesupport
  specs:
    activesupport (8.1.0.alpha)
      base64
      benchmark (>= 0.3)
      bigdecimal
      concurrent-ruby (~> 1.0, >= 1.3.1)
      connection_pool (>= 2.2.5)
      drb
      i18n (>= 1.6, < 2)
      logger (>= 1.4.2)
      minitest (>= 5.1)
      securerandom (>= 0.3)
      tzinfo (~> 2.0, >= 2.0.5)
      uri (>= 0.13.1)

PATH
  remote: src/sqlite3
  specs:
    sqlite3 (2.3.999999)
      mini_portile2 (~> 2.8.0)

GEM
  remote: https://rubygems.org/
  specs:
    base64 (0.2.0)
    benchmark (0.3.0)
    bigdecimal (3.1.8)
    concurrent-ruby (1.3.4)
    connection_pool (2.4.1)
    drb (2.2.1)
    i18n (1.14.6)
      concurrent-ruby (~> 1.0)
    js (2.6.2)
    logger (1.6.1)
    mini_portile2 (2.8.8)
    minitest (5.25.2)
    ruby_wasm (2.6.2)
    ruby_wasm (2.6.2-aarch64-linux)
    ruby_wasm (2.6.2-aarch64-linux-musl)
    ruby_wasm (2.6.2-arm64-darwin)
    ruby_wasm (2.6.2-x86_64-darwin)
    ruby_wasm (2.6.2-x86_64-linux)
    ruby_wasm (2.6.2-x86_64-linux-musl)
    securerandom (0.3.1)
    timeout (0.4.2)
    tzinfo (2.0.6)
      concurrent-ruby (~> 1.0)
    uri (0.13.1)

PLATFORMS
  aarch64-linux
  aarch64-linux-gnu
  aarch64-linux-musl
  arm-linux-gnu
  arm-linux-musl
  arm64-darwin
  x86-linux-gnu
  x86-linux-musl
  x86_64-darwin
  x86_64-linux-gnu
  x86_64-linux-musl

DEPENDENCIES
  activemodel!
  activerecord!
  activesupport!
  js (~> 2.6)
  ruby_wasm (~> 2.6)
  sqlite3!

BUNDLED WITH
   2.5.16
